PATH
  remote: .
  specs:
    entity_store (1.5.0)
      bson (~> 4.0)
      hatchet (~> 0.2)

GEM
  remote: https://rubygems.org/
  specs:
    bson (4.3.0)
    diff-lcs (1.2.5)
    hatchet (0.2.8)
    rake (10.3.2)
    rspec (2.14.1)
      rspec-core (~> 2.14.0)
      rspec-expectations (~> 2.14.0)
      rspec-mocks (~> 2.14.0)
    rspec-core (2.14.8)
    rspec-expectations (2.14.5)
      diff-lcs (>= 1.1.3, < 2.0)
    rspec-mocks (2.14.6)

PLATFORMS
  ruby

DEPENDENCIES
  entity_store!
  hatchet
  rake
  rspec

BUNDLED WITH
   1.17.1
